GEM
  remote: https://rubygems.org/
  specs:
    concurrent-ruby (1.1.7)
    digest-crc (0.6.1)
      rake (~> 13.0)
    faker (2.13.0)
      i18n (>= 1.6, < 2)
    i18n (1.8.5)
      concurrent-ruby (~> 1.0)
    rake (13.0.1)
    ruby-kafka (1.2.0)
      digest-crc

PLATFORMS
  ruby

DEPENDENCIES
  faker
  rake
  ruby-kafka

RUBY VERSION
   ruby 2.5.8p224

BUNDLED WITH
   2.1.4
